GEM
  remote: https://rubygems.org/
  specs:
    addressable (2.5.1)
      public_suffix (~> 2.0, >= 2.0.2)
    capy (1.6.0)
      capybara
      colored
      slop (~> 3.1)
    capybara (2.15.1)
      addressable
      mini_mime (>= 0.1.3)
      nokogiri (>= 1.3.3)
      rack (>= 1.0.0)
      rack-test (>= 0.5.4)
      xpath (~> 2.0)
    childprocess (0.7.1)
      ffi (~> 1.0, >= 1.0.11)
    coderay (1.1.1)
    colored (1.2)
    diff-lcs (1.3)
    ffi (1.9.18)
    method_source (0.8.2)
    mini_mime (0.1.4)
    mini_portile2 (2.2.0)
    nokogiri (1.8.0)
      mini_portile2 (~> 2.2.0)
    pry (0.10.4)
      coderay (~> 1.1.0)
      method_source (~> 0.8.1)
      slop (~> 3.4)
    public_suffix (2.0.5)
    rack (2.0.3)
    rack-test (0.7.0)
      rack (>= 1.0, < 3)
    rspec (3.6.0)
      rspec-core (~> 3.6.0)
      rspec-expectations (~> 3.6.0)
      rspec-mocks (~> 3.6.0)
    rspec-core (3.6.0)
      rspec-support (~> 3.6.0)
    rspec-expectations (3.6.0)
      diff-lcs (>= 1.2.0, < 2.0)
      rspec-support (~> 3.6.0)
    rspec-mocks (3.6.0)
      diff-lcs (>= 1.2.0, < 2.0)
      rspec-support (~> 3.6.0)
    rspec-support (3.6.0)
    rubyzip (1.2.1)
    selenium-webdriver (3.5.1)
      childprocess (~> 0.5)
      rubyzip (~> 1.0)
    slop (3.6.0)
    xpath (2.1.0)
      nokogiri (~> 1.3)

PLATFORMS
  ruby

DEPENDENCIES
  capy!
  pry!
  rspec!
  selenium-webdriver!

BUNDLED WITH
   1.15.3
